RESTRICTION: >= net45
NUGET
  remote: https://api.nuget.org/v3/index.json
    Argu (5.0.1) - restriction: || (&& (>= net45) (>= netstandard1.6)) (>= net461)
      FSharp.Core (>= 4.0.0.1)
    BlackFox.MasterOfFoo (1.0.1)
      FSharp.Core (>= 4.2.3)
      System.ValueTuple (>= 4.4)
    Expecto (5.1.2)
      Argu (>= 3.7) - restriction: || (&& (>= net45) (>= netstandard1.6)) (>= net461)
      FSharp.Core (>= 4.1.18) - restriction: || (&& (>= net45) (>= netstandard1.6)) (>= net461)
      Mono.Cecil (>= 0.10.0-beta7) - restriction: || (&& (>= net45) (>= netstandard1.6)) (>= net461)
      System.ValueTuple (>= 4.4) - restriction: || (&& (>= net45) (>= netstandard1.6) (< netstandard2.0)) (>= net461)
    FAKE (4.64.4)
    FSharp.Core (4.3.4)
    FSharp.Data (2.4.4)
    Microsoft.NETCore.Platforms (2.0.1) - restriction: || (&& (>= monoandroid) (>= net45)) (&& (>= monotouch) (>= net45)) (&& (>= net45) (>= netcoreapp2.0) (< netstandard2.0)) (&& (>= net45) (< netstandard1.0) (>= portable-net451+win81+wpa81)) (&& (>= net45) (< netstandard1.3) (>= wpa81)) (&& (>= net45) (< portable-net45+win8+wpa81)) (&& (>= net45) (< portable-net451+win81+wpa81)) (&& (>= net45) (>= uap10.0)) (&& (>= net45) (>= xamarinios)) (&& (>= net45) (>= xamarinmac)) (&& (>= net45) (>= xamarintvos)) (&& (>= net45) (>= xamarinwatchos)) (&& (>= net451) (< netstandard1.3)) (&& (>= net46) (< netstandard1.4))
    Microsoft.Win32.Primitives (4.3) - restriction: || (&& (>= net45) (>= uap10.0)) (&& (>= net46) (< netstandard1.4))
    Mono.Cecil (0.10.0-beta7) - restriction: || (&& (>= net45) (>= netstandard1.6)) (>= net461)
    NETStandard.Library (2.0.1) - restriction: && (>= net45) (< net461) (< netstandard2.0)
      Microsoft.NETCore.Platforms (>= 1.1)
      Microsoft.Win32.Primitives (>= 4.3) - restriction: || (&& (>= net45) (>= uap10.0)) (&& (>= net46) (< netstandard1.4))
      System.AppContext (>= 4.3) - restriction: || (&& (>= net45) (>= uap10.0)) (&& (>= net46) (< netstandard1.4))
      System.Console (>= 4.3) - restriction: || (&& (>= net45) (>= uap10.0)) (&& (>= net46) (< netstandard1.4))
      System.Globalization.Calendars (>= 4.3) - restriction: || (&& (>= net45) (>= uap10.0)) (&& (>= net46) (< netstandard1.4))
      System.IO.Compression (>= 4.3) - restriction: || (&& (>= net45) (>= uap10.0)) (&& (>= net46) (< netstandard1.4))
      System.IO.Compression.ZipFile (>= 4.3) - restriction: || (&& (>= net45) (>= uap10.0)) (&& (>= net46) (< netstandard1.4))
      System.IO.FileSystem (>= 4.3) - restriction: || (&& (>= net45) (>= uap10.0)) (&& (>= net46) (< netstandard1.4))
      System.IO.FileSystem.Primitives (>= 4.3) - restriction: || (&& (>= net45) (>= uap10.0)) (&& (>= net46) (< netstandard1.4))
      System.Net.Http (>= 4.3.2) - restriction: || (&& (>= net45) (>= uap10.0)) (&& (>= net46) (< netstandard1.4))
      System.Net.Sockets (>= 4.3) - restriction: || (&& (>= net45) (>= uap10.0)) (&& (>= net46) (< netstandard1.4))
      System.Runtime.InteropServices.RuntimeInformation (>= 4.3) - restriction: || (&& (>= net45) (< netstandard1.0) (>= portable-net451+win81+wpa81)) (&& (>= net45) (< netstandard1.3) (>= wpa81)) (&& (>= net45) (< portable-net451+win81+wpa81)) (&& (>= net45) (>= uap10.0)) (&& (>= net451) (< netstandard1.3)) (&& (>= net46) (< netstandard1.4))
      System.Security.Cryptography.Algorithms (>= 4.3) - restriction: || (&& (>= net45) (>= uap10.0)) (&& (>= net46) (< netstandard1.4))
      System.Security.Cryptography.Encoding (>= 4.3) - restriction: || (&& (>= net45) (>= uap10.0)) (&& (>= net46) (< netstandard1.4))
      System.Security.Cryptography.Primitives (>= 4.3) - restriction: || (&& (>= net45) (>= uap10.0)) (&& (>= net46) (< netstandard1.4))
      System.Security.Cryptography.X509Certificates (>= 4.3) - restriction: || (&& (>= net45) (>= uap10.0)) (&& (>= net46) (< netstandard1.4))
      System.Xml.ReaderWriter (>= 4.3) - restriction: || (&& (>= net45) (< portable-net45+win8+wpa81)) (&& (>= net45) (>= uap10.0)) (&& (>= net46) (< netstandard1.4))
    System.AppContext (4.3) - restriction: || (&& (>= net45) (>= uap10.0)) (&& (>= net46) (< netstandard1.4))
    System.Console (4.3) - restriction: || (&& (>= net45) (>= uap10.0)) (&& (>= net46) (< netstandard1.4))
    System.Globalization.Calendars (4.3) - restriction: || (&& (>= net45) (>= uap10.0)) (&& (>= net46) (< netstandard1.4))
    System.IO.Compression (4.3) - restriction: || (&& (>= net45) (>= uap10.0)) (&& (>= net46) (< netstandard1.4))
    System.IO.Compression.ZipFile (4.3) - restriction: || (&& (>= net45) (>= uap10.0)) (&& (>= net46) (< netstandard1.4))
    System.IO.FileSystem (4.3) - restriction: || (&& (>= net45) (>= uap10.0)) (&& (>= net46) (< netstandard1.4))
      System.IO.FileSystem.Primitives (>= 4.3) - restriction: || (&& (>= net45) (>= netstandard1.3)) (>= net46)
    System.IO.FileSystem.Primitives (4.3) - restriction: || (&& (>= net45) (>= uap10.0)) (&& (>= net46) (< netstandard1.4))
    System.Net.Http (4.3.3) - restriction: || (&& (>= net45) (>= uap10.0)) (&& (>= net46) (< netstandard1.4))
      System.Security.Cryptography.X509Certificates (>= 4.3) - restriction: || (&& (>= dnxcore50) (>= net45)) (>= net46)
    System.Net.Sockets (4.3) - restriction: || (&& (>= net45) (>= uap10.0)) (&& (>= net46) (< netstandard1.4))
    System.Runtime.InteropServices.RuntimeInformation (4.3) - restriction: || (&& (>= net45) (< netstandard1.0) (>= portable-net451+win81+wpa81)) (&& (>= net45) (< netstandard1.3) (>= wpa81)) (&& (>= net45) (< portable-net451+win81+wpa81)) (&& (>= net45) (>= uap10.0)) (&& (>= net451) (< netstandard1.3)) (&& (>= net46) (< netstandard1.4))
    System.Security.Cryptography.Algorithms (4.3.1) - restriction: || (&& (>= net45) (>= uap10.0)) (&& (>= net46) (< netstandard1.4))
      System.Security.Cryptography.Primitives (>= 4.3) - restriction: || (&& (>= dnxcore50) (>= net45)) (&& (>= net45) (< net46) (>= netstandard1.3) (< netstandard1.4)) (&& (>= net45) (< net46) (>= netstandard1.4) (< netstandard1.6)) (&& (>= net45) (< net46) (>= netstandard1.6)) (&& (>= net46) (< netstandard1.4)) (&& (>= net461) (< netstandard1.6)) (>= net463)
    System.Security.Cryptography.Encoding (4.3) - restriction: || (&& (>= net45) (>= uap10.0)) (&& (>= net46) (< netstandard1.4))
    System.Security.Cryptography.Primitives (4.3) - restriction: || (&& (>= net45) (>= uap10.0)) (&& (>= net46) (< netstandard1.4))
    System.Security.Cryptography.X509Certificates (4.3.2) - restriction: || (&& (>= net45) (>= uap10.0)) (&& (>= net46) (< netstandard1.4))
      System.Security.Cryptography.Algorithms (>= 4.3) - restriction: || (&& (>= dnxcore50) (>= net45)) (&& (>= net45) (< net46) (>= netstandard1.3) (< netstandard1.4)) (&& (>= net45) (< net46) (>= netstandard1.4) (< netstandard1.6)) (&& (>= net45) (< net46) (>= netstandard1.6)) (&& (>= net46) (< netstandard1.4)) (>= net461)
      System.Security.Cryptography.Encoding (>= 4.3) - restriction: || (&& (>= dnxcore50) (>= net45)) (&& (>= net45) (< net46) (>= netstandard1.3) (< netstandard1.4)) (&& (>= net45) (< net46) (>= netstandard1.4) (< netstandard1.6)) (&& (>= net45) (< net46) (>= netstandard1.6)) (&& (>= net46) (< netstandard1.4)) (>= net461)
    System.ValueTuple (4.4)
      NETStandard.Library (>= 1.6.1) - restriction: && (>= net45) (< net461) (< netstandard2.0)
    System.Xml.ReaderWriter (4.3.1) - restriction: || (&& (>= net45) (< portable-net45+win8+wpa81)) (&& (>= net45) (>= uap10.0)) (&& (>= net46) (< netstandard1.4))
  remote: http://api.nuget.org/v3/index.json
    Octokit (0.24)
GITHUB
  remote: fsharp/FAKE
    modules/Octokit/Octokit.fsx (43d68ede74f15158defc18fab7745c142972a8cf)
      Octokit (>= 0.20)
  remote: vbfox/FoxSharp
    src/BlackFox.FakeUtils/TypedTaskDefinitionHelper.fs (a42b65bbd53666ab51d7e621e9a41c6f8078218c)
    src/BlackFox.FoxSharp/CommandLine.fs (a42b65bbd53666ab51d7e621e9a41c6f8078218c)